PATH
  remote: .
  specs:
    shariff_backend (0.0.2)
      cuba (~> 3.8)
      httpclient (~> 2.8, >= 2.8.1)
      rack-cache (~> 1.6, >= 1.6.1)

GEM
  remote: https://rubygems.org/
  specs:
    addressable (2.4.0)
    ast (2.3.0)
    awesome_print (1.7.0)
    binding_of_caller (0.7.2)
      debug_inspector (>= 0.0.1)
    byebug (9.0.5)
    clap (1.0.0)
    coderay (1.1.1)
    coolline (0.5.0)
      unicode_utils (~> 1.4)
    crack (0.4.3)
      safe_yaml (~> 1.0.0)
    cuba (3.8.0)
      rack (>= 1.6.0)
    cutest (1.2.3)
      clap
    debug_inspector (0.0.2)
    diff-lcs (1.2.5)
    diffy (3.1.0)
    grit (2.5.0)
      diff-lcs (~> 1.1)
      mime-types (~> 1.15)
      posix-spawn (~> 0.3.6)
    hashdiff (0.3.0)
    httpclient (2.8.1)
    inch (0.7.1)
      pry
      sparkr (>= 0.2.0)
      term-ansicolor
      yard (~> 0.8.7.5)
    interception (0.5)
    method_source (0.8.2)
    mime-types (1.25.1)
    parser (2.3.1.2)
      ast (~> 2.2)
    posix-spawn (0.3.11)
    powerpack (0.1.1)
    pry (0.10.4)
      coderay (~> 1.1.0)
      method_source (~> 0.8.1)
      slop (~> 3.4)
    pry-byebug (3.4.0)
      byebug (~> 9.0)
      pry (~> 0.10)
    pry-git (0.2.3)
      diffy
      grit
      pry (>= 0.9.8)
    pry-rails (0.3.4)
      pry (>= 0.9.10)
    pry-rescue (1.4.4)
      interception (>= 0.5)
      pry
    pry-stack_explorer (0.4.9.2)
      binding_of_caller (>= 0.7)
      pry (>= 0.9.11)
    rack (2.0.1)
    rack-cache (1.6.1)
      rack (>= 0.4)
    rack-test (0.6.3)
      rack (>= 1.0)
    rainbow (2.1.0)
    rr (1.2.0)
    rubocop (0.42.0)
      parser (>= 2.3.1.1, < 3.0)
      powerpack (~> 0.1)
      rainbow (>= 1.99.1, < 3.0)
      ruby-progressbar (~> 1.7)
      unicode-display_width (~> 1.0, >= 1.0.1)
    ruby-progressbar (1.8.1)
    safe_yaml (1.0.4)
    slop (3.6.0)
    sparkr (0.4.1)
    term-ansicolor (1.3.2)
      tins (~> 1.0)
    tins (1.12.0)
    unicode-display_width (1.1.0)
    unicode_utils (1.4.0)
    webmock (2.1.0)
      addressable (>= 2.3.6)
      crack (>= 0.3.2)
      hashdiff
    yard (0.8.7.6)

PLATFORMS
  ruby

DEPENDENCIES
  awesome_print
  bundler (~> 1.12.5)
  coolline
  cutest (~> 1.2.2)
  inch
  pry-byebug
  pry-git
  pry-rails
  pry-rescue
  pry-stack_explorer
  rack-test (~> 0.6.3)
  rr (~> 1.2.0)
  rubocop
  shariff_backend!
  webmock (~> 2.1.0)

BUNDLED WITH
   1.12.5
